GEM
  remote: https://gems.ruby-china.com/
  specs:
    activemodel (5.2.0)
      activesupport (= 5.2.0)
    activerecord (5.2.0)
      activemodel (= 5.2.0)
      activesupport (= 5.2.0)
      arel (>= 9.0)
    activesupport (5.2.0)
      concurrent-ruby (~> 1.0, >= 1.0.2)
      i18n (>= 0.7, < 2)
      minitest (~> 5.1)
      tzinfo (~> 1.1)
    anycable (0.5.1)
      anyway_config (~> 1.1, >= 1.1.1)
      grpc (~> 1.6)
      redis (>= 3.2)
    anyway_config (1.3.0)
    arel (9.0.0)
    backports (3.11.3)
    byebug (10.0.2)
    coderay (1.1.2)
    concurrent-ruby (1.0.5)
    google-protobuf (3.6.0-universal-darwin)
    googleapis-common-protos-types (1.0.1)
      google-protobuf (~> 3.0)
    grpc (1.13.0-universal-darwin)
      google-protobuf (~> 3.1)
      googleapis-common-protos-types (~> 1.0.0)
    i18n (1.0.1)
      concurrent-ruby (~> 1.0)
    litecable (0.5.0)
      anyway_config (~> 1.0)
    method_source (0.9.0)
    minitest (5.11.3)
    multi_json (1.13.1)
    mustermann (1.0.2)
    mysql2 (0.5.2)
    pry (0.11.3)
      coderay (~> 1.1.0)
      method_source (~> 0.9.0)
    pry-byebug (3.6.0)
      byebug (~> 10.0)
      pry (~> 0.10)
    puma (3.12.0)
    rack (2.0.5)
    rack-protection (2.0.3)
      rack
    rake (12.3.1)
    redis (4.0.1)
    sinatra (2.0.3)
      mustermann (~> 1.0)
      rack (~> 2.0)
      rack-protection (= 2.0.3)
      tilt (~> 2.0)
    sinatra-activerecord (2.0.13)
      activerecord (>= 3.2)
      sinatra (>= 1.0)
    sinatra-contrib (2.0.3)
      activesupport (>= 4.0.0)
      backports (>= 2.8.2)
      multi_json
      mustermann (~> 1.0)
      rack-protection (= 2.0.3)
      sinatra (= 2.0.3)
      tilt (>= 1.3, < 3)
    thread_safe (0.3.6)
    tilt (2.0.8)
    tzinfo (1.2.5)
      thread_safe (~> 0.1)
    websocket (1.2.8)

PLATFORMS
  ruby

DEPENDENCIES
  activerecord
  anycable (~> 0.5.0)
  anyway_config (~> 1.0)
  litecable
  mysql2
  pry-byebug
  puma
  rake
  sinatra
  sinatra-activerecord
  sinatra-contrib
  websocket (~> 1.2.4)

BUNDLED WITH
   1.16.3
